GEM
  remote: https://rubygems.org/
  specs:
    exiftool (1.2.4)
      json
    exiftool_vendored (12.25.0)
      exiftool (>= 0.7.0)
    json (2.6.3)

PLATFORMS
  ruby

DEPENDENCIES
  exiftool_vendored

BUNDLED WITH
   2.1.4
